BrainVision Data Exchange Header File Version 1.0
; Data created by EEMAGINE EEG Data Exporter

[Common Infos]
DataFile=S_H_2025-12-18_11-57-47.eeg
MarkerFile=S_H_2025-12-18_11-57-47.vmrk
DataFormat=BINARY
; Data orientation: MULTIPLEXED=ch1,pt1, ch2,pt1 ...
DataOrientation=MULTIPLEXED
NumberOfChannels=22
; Sampling interval in microseconds
SamplingInterval=2000


[Binary Infos]
BinaryFormat=IEEE_FLOAT_32

[Channel Infos]
; Each entry: Ch<Channel number>=<Name>,<Reference channel name>,
; <Resolution in microvolts>,<Future extensions..
; Fields are delimited by commas, some fields might be omitted (empty).
; Commas in channel names are coded as "\1".
Ch1=FPz,,1
Ch2=FCz,,1
Ch3=F9,,1
Ch4=F3,,1
Ch5=F4,,1
Ch6=F10,,1
Ch7=Cz,,1
Ch8=M1,,1
Ch9=T7,,1
Ch10=C3,,1
Ch11=C4,,1
Ch12=T8,,1
Ch13=M2,,1
Ch14=P9,,1
Ch15=P7,,1
Ch16=P3,,1
Ch17=Pz,,1
Ch18=P4,,1
Ch19=P8,,1
Ch20=P10,,1
Ch21=O1,,1
Ch22=O2,,1
